GEM
  remote: https://rubygems.org/
  specs:
    builder (3.1.4)
    childprocess (0.3.7)
      ffi (~> 1.0, >= 1.0.6)
    cucumber (1.2.1)
      builder (>= 2.1.2)
      diff-lcs (>= 1.1.3)
      gherkin (~> 2.11.0)
      json (>= 1.4.6)
    diff-lcs (1.2.0)
    ffi (1.3.1-java)
    gherkin (2.11.6-java)
      json (>= 1.7.6)
    json (1.7.6-java)
    multi_json (1.5.0)
    page-object (0.8.4)
      page_navigation (>= 0.3)
      selenium-webdriver (>= 2.29.0)
      watir-webdriver (>= 0.6.2)
    page_navigation (0.4)
    rubyzip (0.9.9)
    selenium-webdriver (2.29.0)
      childprocess (>= 0.2.5)
      multi_json (~> 1.0)
      rubyzip
      websocket (~> 1.0.4)
    test-unit (2.5.4)
    watir-webdriver (0.6.2)
      selenium-webdriver (>= 2.18.0)
    websocket (1.0.7)

PLATFORMS
  java

DEPENDENCIES
  cucumber
  page-object
  selenium-webdriver
  test-unit
