GEM
  remote: https://rubygems.org/
  specs:
    builder (3.1.4)
    childprocess (0.3.6)
      ffi (~> 1.0, >= 1.0.6)
    cucumber (1.2.1)
      builder (>= 2.1.2)
      diff-lcs (>= 1.1.3)
      gherkin (~> 2.11.0)
      json (>= 1.4.6)
    diff-lcs (1.2.0)
    ffi (1.3.1-java)
    gherkin (2.11.5-java)
      json (>= 1.4.6)
    json (1.7.6-java)
    multi_json (1.5.0)
    rubyzip (0.9.9)
    selenium-webdriver (2.29.0)
      childprocess (>= 0.2.5)
      multi_json (~> 1.0)
      rubyzip
      websocket (~> 1.0.4)
    test-unit (2.5.4)
    websocket (1.0.6)

PLATFORMS
  java

DEPENDENCIES
  cucumber
  selenium-webdriver
  test-unit
